GEM
  remote: http://rubygems.org/
  specs:
    vcard (0.1.1)

PLATFORMS
  ruby

DEPENDENCIES
  vcard
